PATH
  remote: .
  specs:
    transrate (1.0.3)
      bindeps (~> 1.2, >= 1.2.1)
      bio (~> 1.4, >= 1.4.3)
      colorize (~> 0.7, >= 0.7.7)
      crb-blast (~> 0.6, >= 0.6.4)
      trollop (~> 2.0, >= 2.0.0)
      yell (~> 2.0, >= 2.0.4)

GEM
  remote: https://rubygems.org/
  specs:
    activesupport (4.2.3)
      i18n (~> 0.7)
      json (~> 1.7, >= 1.7.7)
      minitest (~> 5.1)
      thread_safe (~> 0.3, >= 0.3.4)
      tzinfo (~> 1.1)
    ansi (1.5.0)
    bindeps (1.2.1)
      fixwhich (~> 1.0, >= 1.0.2)
    bio (1.5.0)
    builder (3.2.2)
    colorize (0.7.7)
    coveralls (0.8.2)
      json (~> 1.8)
      rest-client (>= 1.6.8, < 2)
      simplecov (~> 0.10.0)
      term-ansicolor (~> 1.3)
      thor (~> 0.19.1)
    crb-blast (0.6.6)
      bindeps (~> 1.0, >= 1.0.3)
      bio (~> 1.4, >= 1.4.3)
      fixwhich (~> 1.0, >= 1.0.2)
      threach (~> 0.2, >= 0.2.0)
      trollop (~> 2.0)
    docile (1.1.5)
    domain_name (0.5.24)
      unf (>= 0.0.5, < 1.0.0)
    facade (1.0.7)
    fixwhich (1.0.2)
      pathname2 (~> 1.4, >= 1.4.4)
    http-cookie (1.0.2)
      domain_name (~> 0.5)
    i18n (0.7.0)
    json (1.8.3)
    mime-types (2.6.1)
    minitest (5.7.0)
    minitest-reporters (1.0.17)
      ansi
      builder
      minitest (>= 5.0)
      ruby-progressbar
    netrc (0.10.3)
    pathname2 (1.7.4)
      facade
    power_assert (0.2.3)
    rake (10.4.2)
    rake-compiler (0.9.5)
      rake
    rest-client (1.8.0)
      http-cookie (>= 1.0.2, < 2.0)
      mime-types (>= 1.16, < 3.0)
      netrc (~> 0.7)
    ruby-progressbar (1.7.5)
    shoulda (3.5.0)
      shoulda-context (~> 1.0, >= 1.0.1)
      shoulda-matchers (>= 1.4.1, < 3.0)
    shoulda-context (1.2.1)
    shoulda-matchers (2.8.0)
      activesupport (>= 3.0.0)
    simplecov (0.10.0)
      docile (~> 1.1.0)
      json (~> 1.8)
      simplecov-html (~> 0.10.0)
    simplecov-html (0.10.0)
    term-ansicolor (1.3.2)
      tins (~> 1.0)
    test-unit (3.1.2)
      power_assert
    thor (0.19.1)
    threach (0.2.0)
    thread_safe (0.3.5)
    tins (1.5.4)
    trollop (2.1.2)
    tzinfo (1.2.2)
      thread_safe (~> 0.1)
    unf (0.1.4)
      unf_ext
    unf_ext (0.0.7.1)
    yell (2.0.5)

PLATFORMS
  ruby

DEPENDENCIES
  bindeps (~> 1.2, >= 1.2.1)
  coveralls (~> 0.7, >= 0.7.2)
  minitest (~> 5)
  minitest-reporters (~> 1, >= 1.0.17)
  rake (~> 10.3, >= 10.3.2)
  rake-compiler (~> 0.9, >= 0.9.2)
  shoulda (~> 3.5, >= 3.5.0)
  simplecov (~> 0.8, >= 0.8.2)
  test-unit (~> 3.0)
  transrate!
